GIT
  remote: git://github.com/rails/rails.git
  revision: 35ebac1fb862ba3827aab4a3e3b7473abf0be5d0
  specs:
    actioncable (6.1.0.alpha)
      actionpack (= 6.1.0.alpha)
      activesupport (= 6.1.0.alpha)
      nio4r (~> 2.0)
      websocket-driver (>= 0.6.1)
    actionmailbox (6.1.0.alpha)
      actionpack (= 6.1.0.alpha)
      activejob (= 6.1.0.alpha)
      activerecord (= 6.1.0.alpha)
      activestorage (= 6.1.0.alpha)
      activesupport (= 6.1.0.alpha)
      mail (>= 2.7.1)
    actionmailer (6.1.0.alpha)
      actionpack (= 6.1.0.alpha)
      actionview (= 6.1.0.alpha)
      activejob (= 6.1.0.alpha)
      activesupport (= 6.1.0.alpha)
      mail (~> 2.5, >= 2.5.4)
      rails-dom-testing (~> 2.0)
    actionpack (6.1.0.alpha)
      actionview (= 6.1.0.alpha)
      activesupport (= 6.1.0.alpha)
      rack (~> 2.0, >= 2.0.9)
      rack-test (>= 0.6.3)
      rails-dom-testing (~> 2.0)
      rails-html-sanitizer (~> 1.0, >= 1.2.0)
    actiontext (6.1.0.alpha)
      actionpack (= 6.1.0.alpha)
      activerecord (= 6.1.0.alpha)
      activestorage (= 6.1.0.alpha)
      activesupport (= 6.1.0.alpha)
      nokogiri (>= 1.8.5)
    actionview (6.1.0.alpha)
      activesupport (= 6.1.0.alpha)
      builder (~> 3.1)
      erubi (~> 1.4)
      rails-dom-testing (~> 2.0)
      rails-html-sanitizer (~> 1.1, >= 1.2.0)
    activejob (6.1.0.alpha)
      activesupport (= 6.1.0.alpha)
      globalid (>= 0.3.6)
    activemodel (6.1.0.alpha)
      activesupport (= 6.1.0.alpha)
    activerecord (6.1.0.alpha)
      activemodel (= 6.1.0.alpha)
      activesupport (= 6.1.0.alpha)
    activestorage (6.1.0.alpha)
      actionpack (= 6.1.0.alpha)
      activejob (= 6.1.0.alpha)
      activerecord (= 6.1.0.alpha)
      activesupport (= 6.1.0.alpha)
      marcel (~> 0.3.1)
    activesupport (6.1.0.alpha)
      concurrent-ruby (~> 1.0, >= 1.0.2)
      i18n (>= 1.6, < 2)
      minitest (>= 5.1)
      tzinfo (~> 2.0)
      zeitwerk (~> 2.3)
    rails (6.1.0.alpha)
      actioncable (= 6.1.0.alpha)
      actionmailbox (= 6.1.0.alpha)
      actionmailer (= 6.1.0.alpha)
      actionpack (= 6.1.0.alpha)
      actiontext (= 6.1.0.alpha)
      actionview (= 6.1.0.alpha)
      activejob (= 6.1.0.alpha)
      activemodel (= 6.1.0.alpha)
      activerecord (= 6.1.0.alpha)
      activestorage (= 6.1.0.alpha)
      activesupport (= 6.1.0.alpha)
      bundler (>= 1.3.0)
      railties (= 6.1.0.alpha)
      sprockets-rails (>= 2.0.0)
    railties (6.1.0.alpha)
      actionpack (= 6.1.0.alpha)
      activesupport (= 6.1.0.alpha)
      method_source
      rake (>= 0.8.7)
      thor (~> 1.0)

GEM
  remote: https://rubygems.org/
  specs:
    addressable (2.7.0)
      public_suffix (>= 2.0.2, < 5.0)
    ast (2.4.1)
    autoprefixer-rails (9.8.4)
      execjs
    bcrypt (3.1.13)
    bindex (0.8.1)
    bootstrap-sass (3.4.1)
      autoprefixer-rails (>= 5.2.1)
      sassc (>= 2.0.0)
    builder (3.2.4)
    byebug (11.1.3)
    cancancan (3.1.0)
    capybara (3.32.2)
      addressable
      mini_mime (>= 0.1.3)
      nokogiri (~> 1.8)
      rack (>= 1.6.0)
      rack-test (>= 0.6.3)
      regexp_parser (~> 1.5)
      xpath (~> 3.2)
    capybara-screenshot (1.0.24)
      capybara (>= 1.0, < 4)
      launchy
    capybara-selenium (0.0.6)
      capybara
      selenium-webdriver
    childprocess (3.0.0)
    clockwork (2.0.4)
      activesupport
      tzinfo
    codacy-coverage (2.2.1)
      simplecov
    coderay (1.1.3)
    coffee-rails (5.0.0)
      coffee-script (>= 2.2.0)
      railties (>= 5.2.0)
    coffee-script (2.4.1)
      coffee-script-source
      execjs
    coffee-script-source (1.12.2)
    concurrent-ruby (1.1.6)
    crack (0.4.3)
      safe_yaml (~> 1.0.0)
    crass (1.0.6)
    database_cleaner (1.8.5)
    devise (4.7.2)
      bcrypt (~> 3.0)
      orm_adapter (~> 0.1)
      railties (>= 4.1.0)
      responders
      warden (~> 1.2.3)
    diff-lcs (1.4.2)
    docile (1.3.2)
    dotenv (2.7.5)
    dotenv-rails (2.7.5)
      dotenv (= 2.7.5)
      railties (>= 3.2, < 6.1)
    erubi (1.9.0)
    execjs (2.7.0)
    factory_bot (5.1.2)
      activesupport (>= 4.2.0)
    factory_bot_rails (5.1.1)
      factory_bot (~> 5.1.0)
      railties (>= 4.2.0)
    faraday (1.0.1)
      multipart-post (>= 1.2, < 3)
    ffaker (2.15.0)
    ffi (1.13.1)
    font-awesome-rails (4.7.0.5)
      railties (>= 3.2, < 6.1)
    formatador (0.2.5)
    globalid (0.4.2)
      activesupport (>= 4.2.0)
    guard (2.16.2)
      formatador (>= 0.2.4)
      listen (>= 2.7, < 4.0)
      lumberjack (>= 1.0.12, < 2.0)
      nenv (~> 0.1)
      notiffany (~> 0.0)
      pry (>= 0.9.12)
      shellany (~> 0.0)
      thor (>= 0.18.1)
    guard-compat (1.2.1)
    guard-rspec (4.7.3)
      guard (~> 2.1)
      guard-compat (~> 1.1)
      rspec (>= 2.99.0, < 4.0)
    hashdiff (1.0.1)
    httparty (0.18.1)
      mime-types (~> 3.0)
      multi_xml (>= 0.5.2)
    i18n (1.8.3)
      concurrent-ruby (~> 1.0)
    jbuilder (2.7.0)
      activesupport (>= 4.2.0)
      multi_json (>= 1.2)
    jquery-rails (4.4.0)
      rails-dom-testing (>= 1, < 3)
      railties (>= 4.2.0)
      thor (>= 0.14, < 2.0)
    jwt (2.2.1)
    launchy (2.5.0)
      addressable (~> 2.7)
    libv8 (3.16.14.19)
    listen (3.2.1)
      rb-fsevent (~> 0.10, >= 0.10.3)
      rb-inotify (~> 0.9, >= 0.9.10)
    loofah (2.6.0)
      crass (~> 1.0.2)
      nokogiri (>= 1.5.9)
    lumberjack (1.2.6)
    mail (2.7.1)
      mini_mime (>= 0.1.1)
    marcel (0.3.3)
      mimemagic (~> 0.3.2)
    method_source (1.0.0)
    mime-types (3.3.1)
      mime-types-data (~> 3.2015)
    mime-types-data (3.2020.0512)
    mimemagic (0.3.5)
    mini_mime (1.0.2)
    mini_portile2 (2.4.0)
    minitest (5.14.1)
    multi_json (1.14.1)
    multi_xml (0.6.0)
    multipart-post (2.1.1)
    mysql2 (0.5.3)
    nenv (0.3.0)
    newrelic_rpm (6.11.0.365)
    nio4r (2.5.2)
    nokogiri (1.10.9)
      mini_portile2 (~> 2.4.0)
    notiffany (0.1.3)
      nenv (~> 0.1)
      shellany (~> 0.0)
    orm_adapter (0.5.0)
    paloma (6.0.0)
    parallel (1.19.2)
    parser (2.7.1.4)
      ast (~> 2.4.1)
    pg (1.2.3)
    pry (0.13.1)
      coderay (~> 1.1)
      method_source (~> 1.0)
    pry-byebug (3.9.0)
      byebug (~> 11.0)
      pry (~> 0.13.0)
    pry-rails (0.3.9)
      pry (>= 0.10.4)
    public_suffix (4.0.5)
    puma (3.12.6)
    rack (2.2.3)
    rack-test (1.1.0)
      rack (>= 1.0, < 3)
    rails-controller-testing (1.0.5)
      actionpack (>= 5.0.1.rc1)
      actionview (>= 5.0.1.rc1)
      activesupport (>= 5.0.1.rc1)
    rails-dom-testing (2.0.3)
      activesupport (>= 4.2.0)
      nokogiri (>= 1.6)
    rails-html-sanitizer (1.3.0)
      loofah (~> 2.3)
    rails-ujs (0.1.0)
      railties (>= 3.1)
    rainbow (3.0.0)
    rake (13.0.1)
    rb-fsevent (0.10.4)
    rb-inotify (0.10.1)
      ffi (~> 1.0)
    recursive-open-struct (1.1.0)
    ref (2.0.0)
    regexp_parser (1.7.1)
    responders (3.0.1)
      actionpack (>= 5.0)
      railties (>= 5.0)
    rexml (3.2.4)
    rolify (5.3.0)
    rspec (3.9.0)
      rspec-core (~> 3.9.0)
      rspec-expectations (~> 3.9.0)
      rspec-mocks (~> 3.9.0)
    rspec-activemodel-mocks (1.1.0)
      activemodel (>= 3.0)
      activesupport (>= 3.0)
      rspec-mocks (>= 2.99, < 4.0)
    rspec-collection_matchers (1.2.0)
      rspec-expectations (>= 2.99.0.beta1)
    rspec-core (3.9.2)
      rspec-support (~> 3.9.3)
    rspec-expectations (3.9.2)
      diff-lcs (>= 1.2.0, < 2.0)
      rspec-support (~> 3.9.0)
    rspec-its (1.2.0)
      rspec-core (>= 3.0.0)
      rspec-expectations (>= 3.0.0)
    rspec-mocks (3.9.1)
      diff-lcs (>= 1.2.0, < 2.0)
      rspec-support (~> 3.9.0)
    rspec-rails (4.0.1)
      actionpack (>= 4.2)
      activesupport (>= 4.2)
      railties (>= 4.2)
      rspec-core (~> 3.9)
      rspec-expectations (~> 3.9)
      rspec-mocks (~> 3.9)
      rspec-support (~> 3.9)
    rspec-support (3.9.3)
    rubocop (0.86.0)
      parallel (~> 1.10)
      parser (>= 2.7.0.1)
      rainbow (>= 2.2.2, < 4.0)
      regexp_parser (>= 1.7)
      rexml
      rubocop-ast (>= 0.0.3, < 1.0)
      ruby-progressbar (~> 1.7)
      unicode-display_width (>= 1.4.0, < 2.0)
    rubocop-ast (0.1.0)
      parser (>= 2.7.0.1)
    rubocop-rspec (1.40.0)
      rubocop (>= 0.68.1)
    ruby-progressbar (1.10.1)
    rubyzip (2.3.0)
    safe_yaml (1.0.5)
    sass (3.7.4)
      sass-listen (~> 4.0.0)
    sass-listen (4.0.0)
      rb-fsevent (~> 0.9, >= 0.9.4)
      rb-inotify (~> 0.9, >= 0.9.7)
    sass-rails (5.0.8)
      railties (>= 5.2.0)
      sass (~> 3.1)
      sprockets (>= 2.8, < 4.0)
      sprockets-rails (>= 2.0, < 4.0)
      tilt (>= 1.1, < 3)
    sassc (2.4.0)
      ffi (~> 1.9)
    selenium-webdriver (3.142.7)
      childprocess (>= 0.5, < 4.0)
      rubyzip (>= 1.2.2)
    shellany (0.0.1)
    shoulda-matchers (4.3.0)
      activesupport (>= 4.2.0)
    simplecov (0.18.5)
      docile (~> 1.1)
      simplecov-html (~> 0.11)
    simplecov-html (0.12.2)
    spring (2.1.0)
    spring-commands-rspec (1.0.4)
      spring (>= 0.9.1)
    spring-watcher-listen (2.0.1)
      listen (>= 2.7, < 4.0)
      spring (>= 1.2, < 3.0)
    sprockets (3.7.2)
      concurrent-ruby (~> 1.0)
      rack (> 1, < 3)
    sprockets-rails (3.2.1)
      actionpack (>= 4.0)
      activesupport (>= 4.0)
      sprockets (>= 3.0.0)
    therubyracer (0.12.3)
      libv8 (~> 3.16.14.15)
      ref
    thor (1.0.1)
    tilt (2.0.10)
    turbolinks (5.1.1)
      turbolinks-source (~> 5.1)
    turbolinks-source (5.2.0)
    twilio-ruby (5.33.1)
      faraday (>= 0.9, < 2.0)
      jwt (>= 1.5, <= 2.5)
      nokogiri (>= 1.6, < 2.0)
    tzinfo (2.0.2)
      concurrent-ruby (~> 1.0)
    uglifier (4.2.0)
      execjs (>= 0.3.0, < 3)
    unicode-display_width (1.7.0)
    vcr (5.1.0)
    warden (1.2.8)
      rack (>= 2.0.6)
    web-console (4.0.3)
      actionview (>= 6.0.0)
      activemodel (>= 6.0.0)
      bindex (>= 0.4.0)
      railties (>= 6.0.0)
    webmock (3.8.3)
      addressable (>= 2.3.6)
      crack (>= 0.3.2)
      hashdiff (>= 0.4.0, < 2.0.0)
    websocket-driver (0.7.2)
      websocket-extensions (>= 0.1.0)
    websocket-extensions (0.1.5)
    with_model (2.1.4)
      activerecord (>= 5.2, < 6.1)
    xpath (3.2.0)
      nokogiri (~> 1.8)
    zeitwerk (2.3.0)

PLATFORMS
  ruby

DEPENDENCIES
  bcrypt
  bootstrap-sass (>= 3.4.1)
  cancancan
  capybara (~> 3.32.0)
  capybara-screenshot (~> 1.0)
  capybara-selenium
  clockwork (~> 2.0)
  codacy-coverage
  coffee-rails
  database_cleaner
  devise (>= 4.6.0)
  dotenv-rails
  factory_bot_rails (~> 5.1.1)
  ffaker
  font-awesome-rails (~> 4.7.0.4)
  guard-rspec (~> 4.7, >= 4.7.3)
  httparty
  jbuilder (~> 2.7.0)
  jquery-rails (~> 4.3)
  listen
  mysql2 (~> 0.5)
  newrelic_rpm
  paloma (~> 6.0.0)
  pg (~> 1.2)
  pry-byebug
  pry-rails
  puma (~> 3.12.4)
  rails!
  rails-controller-testing
  rails-ujs (~> 0.1.0)
  recursive-open-struct (= 1.1.0)
  rolify
  rspec-activemodel-mocks (~> 1.1.0)
  rspec-collection_matchers
  rspec-its (~> 1.2.0)
  rspec-rails (~> 4.0.0)
  rubocop
  rubocop-rspec
  sass-rails (~> 5.0.7)
  shoulda-matchers
  spring
  spring-commands-rspec
  spring-watcher-listen
  therubyracer (~> 0.12.3)
  turbolinks (~> 5.1.0)
  twilio-ruby (~> 5.33.1)
  uglifier (~> 4.2.0)
  vcr (~> 5.1.0)
  web-console
  webmock (~> 3.8.3)
  with_model (~> 2.1.3)

RUBY VERSION
   ruby 2.5.1p57

BUNDLED WITH
   1.17.3
